GEM
  remote: https://rubygems.org/
  specs:
    activemodel (6.1.2.1)
      activesupport (= 6.1.2.1)
    activesupport (6.1.2.1)
      concurrent-ruby (~> 1.0, >= 1.0.2)
      i18n (>= 1.6, < 2)
      minitest (>= 5.1)
      tzinfo (~> 2.0)
      zeitwerk (~> 2.3)
    bindata (2.4.8)
    byebug (11.1.3)
    concurrent-ruby (1.1.8)
    diff-lcs (1.4.4)
    dnssd (3.0.1)
    facets (3.1.0)
    ffi (1.14.2)
    fritzbox-smarthome (0.2.0)
      activemodel (>= 5.1, < 6.2)
      activesupport (>= 5.1, < 6.2)
      httparty (~> 0.16)
      nokogiri (~> 1.8)
      nori (~> 2.6)
    hkdf (0.3.0)
    httparty (0.18.1)
      mime-types (~> 3.0)
      multi_xml (>= 0.5.2)
    i18n (1.8.8)
      concurrent-ruby (~> 1.0)
    mime-types (3.3.1)
      mime-types-data (~> 3.2015)
    mime-types-data (3.2020.1104)
    mini_portile2 (2.5.0)
    minitest (5.14.3)
    multi_xml (0.6.0)
    mustermann (1.1.1)
      ruby2_keywords (~> 0.0.1)
    nokogiri (1.11.0)
      mini_portile2 (~> 2.5.0)
      racc (~> 1.4)
    nori (2.6.0)
    oj (3.11.0)
    racc (1.5.2)
    rack (2.2.3)
    rack-protection (2.1.0)
      rack
    rbnacl (7.1.1)
      ffi
    rspec (3.10.0)
      rspec-core (~> 3.10.0)
      rspec-expectations (~> 3.10.0)
      rspec-mocks (~> 3.10.0)
    rspec-core (3.10.1)
      rspec-support (~> 3.10.0)
    rspec-expectations (3.10.1)
      diff-lcs (>= 1.2.0, < 2.0)
      rspec-support (~> 3.10.0)
    rspec-mocks (3.10.0)
      diff-lcs (>= 1.2.0, < 2.0)
      rspec-support (~> 3.10.0)
    rspec-support (3.10.1)
    ruby2_keywords (0.0.4)
    ruby_home (0.2.5)
      dnssd (~> 3.0)
      facets (~> 3.1)
      hkdf (~> 0.3.0)
      oj (~> 3.10)
      rbnacl (~> 7.0)
      ruby_home-srp (~> 1.3)
      ruby_home-tlv (~> 0.1)
      sinatra (~> 2.0)
      webrick (~> 1.7)
      wisper (~> 2.0)
    ruby_home-srp (1.3.0)
      srp-rb (= 1.0.1)
    ruby_home-tlv (0.1.1)
      bindata (~> 2.4, >= 2.4.3)
    sinatra (2.1.0)
      mustermann (~> 1.0)
      rack (~> 2.2)
      rack-protection (= 2.1.0)
      tilt (~> 2.0)
    srp-rb (1.0.1)
    tilt (2.0.10)
    tzinfo (2.0.4)
      concurrent-ruby (~> 1.0)
    webrick (1.7.0)
    wisper (2.0.1)
    zeitwerk (2.4.2)

PLATFORMS
  ruby

DEPENDENCIES
  activesupport
  byebug
  fritzbox-smarthome
  rspec
  ruby_home

BUNDLED WITH
   2.2.3
